GIT
  remote: https://github.com/dieze/heroku-modular-first_app-back
  revision: 410be8030e0fd38ab1987b1f019337178cca6992
  specs:
    first_app (0.1.0)
      rack

GIT
  remote: https://github.com/dieze/heroku-modular-second_app-back
  revision: 1e7037057f06ac38a1f6611f06bec44d398b9d32
  specs:
    second_app (0.1.0)
      rack

GEM
  remote: https://rubygems.org/
  specs:
    rack (1.6.4)

PLATFORMS
  ruby

DEPENDENCIES
  first_app!
  rack
  second_app!

BUNDLED WITH
   1.10.6
