GIT
  remote: https://github.com/dieze/heroku-modular.git
  revision: 42da9446b08aefca8a5cab35b5bfe17d6e706b44
  branch: app1/back/master
  specs:
    first_app (0.1.0)
      rack
      rack-rewrite

GIT
  remote: https://github.com/dieze/heroku-modular.git
  revision: 51ce74ae5614db1df62cd7ab4220d5fc7555d06e
  branch: app2/back/master
  specs:
    second_app (0.1.0)
      rack
      rack-rewrite

GEM
  remote: https://rubygems.org/
  specs:
    rack (1.6.4)
    rack-rewrite (1.5.1)

PLATFORMS
  ruby

DEPENDENCIES
  first_app!
  rack
  second_app!

BUNDLED WITH
   1.10.6
