GIT
  remote: https://github.com/dieze/heroku-modular.git
  revision: 1c6598fd1ba8a10111b905991a3a07089440c3dd
  branch: app1/back/master
  specs:
    first_app (0.1.0)
      rack
      rack-rewrite

GIT
  remote: https://github.com/dieze/heroku-modular.git
  revision: 412f42c1df848648bb8f13a262cba2c5bdd60497
  branch: app2/back/master
  specs:
    second_app (0.1.0)
      rack
      rack-rewrite

GEM
  remote: https://rubygems.org/
  specs:
    rack (1.6.4)
    rack-rewrite (1.5.1)

PLATFORMS
  ruby

DEPENDENCIES
  first_app!
  rack
  second_app!

BUNDLED WITH
   1.10.6
